GEM
  remote: https://rubygems.org/
  specs:
    timecop (0.8.1)

PLATFORMS
  ruby

DEPENDENCIES
  timecop

BUNDLED WITH
   1.13.7
