GEM
  remote: https://rubygems.org/
  specs:
    json (2.0.2)
    multi_xml (0.5.5)

PLATFORMS
  ruby

DEPENDENCIES
  json
  multi_xml

BUNDLED WITH
   1.13.6
