GEM
  remote: https://rubygems.org/
  specs:
    multi_xml (0.6.0)

PLATFORMS
  ruby

DEPENDENCIES
  multi_xml

BUNDLED WITH
   1.13.1
