GEM
  remote: https://rubygems.org/
  specs:
    multi_xml (0.5.5)

PLATFORMS
  ruby

DEPENDENCIES
  multi_xml (= 0.5.5)

BUNDLED WITH
   1.13.1
