GEM
  remote: https://rubygems.org/
  specs:
    faraday (0.9.2)
      multipart-post (>= 1.2, < 3)
    multi_xml (0.6.0)
    multipart-post (2.0.0)

PLATFORMS
  ruby

DEPENDENCIES
  faraday
  multi_xml

BUNDLED WITH
   1.13.1
