GEM
  remote: https://rubygems.org/
  specs:
    timecop (0.7.3)

PLATFORMS
  ruby

DEPENDENCIES
  timecop

BUNDLED WITH
   1.13.6
