GEM
  remote: https://rubygems.org/
  specs:
    json (1.7.7)
    multi_xml (0.5.3)

PLATFORMS
  ruby

DEPENDENCIES
  json
  multi_xml

BUNDLED WITH
   1.13.6
